PATH
  remote: .
  specs:
    shrine-aliyun-oss (0.1.0.beta2)
      aliyun-sdk (~> 0.7.0)
      shrine (~> 2.2)

GEM
  remote: https://rubygems.org/
  specs:
    aliyun-sdk (0.7.0)
      nokogiri (~> 1.6)
      rest-client (~> 2.0)
    domain_name (0.5.20180417)
      unf (>= 0.0.5, < 1.0.0)
    down (4.5.0)
    http-cookie (1.0.3)
      domain_name (~> 0.5)
    mime-types (3.1)
      mime-types-data (~> 3.2015)
    mime-types-data (3.2016.0521)
    mini_portile2 (2.3.0)
    minitest (5.11.3)
    netrc (0.11.0)
    nokogiri (1.8.4)
      mini_portile2 (~> 2.3.0)
    rake (10.5.0)
    rest-client (2.0.2)
      http-cookie (>= 1.0.2, < 2.0)
      mime-types (>= 1.16, < 4.0)
      netrc (~> 0.8)
    shrine (2.11.0)
      down (~> 4.1)
    unf (0.1.4)
      unf_ext
    unf_ext (0.0.7.5)

PLATFORMS
  ruby

DEPENDENCIES
  bundler (~> 1.16)
  minitest (~> 5.0)
  rake (~> 10.0)
  shrine-aliyun-oss!

BUNDLED WITH
   1.16.2
